PATH
  remote: .
  specs:
    manifique (0.1.0)
      faraday (~> 0.15.2)
      faraday_middleware (~> 0.12.2)
      nitlink (~> 1.1)
      nokogiri (~> 1.8)

GEM
  remote: https://rubygems.org/
  specs:
    faraday (0.15.2)
      multipart-post (>= 1.2, < 3)
    faraday_middleware (0.12.2)
      faraday (>= 0.7.4, < 1.0)
    mini_portile2 (2.3.0)
    minitest (5.11.3)
    multipart-post (2.0.0)
    nitlink (1.1.0)
    nokogiri (1.8.3)
      mini_portile2 (~> 2.3.0)
    rake (10.5.0)

PLATFORMS
  ruby

DEPENDENCIES
  bundler (~> 1.16)
  manifique!
  minitest (~> 5.0)
  rake (~> 10.0)

BUNDLED WITH
   1.16.2
